GEM
  remote: http://rubygems.org/
  specs:
    erubis (2.7.0)
    indent (1.0)
    json (1.8.2)
    jtask (0.3.0)
      json (~> 1.4)
    rack (1.6.1)
    rack-protection (1.5.3)
      rack
    sinatra (1.4.6)
      rack (~> 1.4)
      rack-protection (~> 1.4)
      tilt (>= 1.3, < 3)
    tilt (2.0.1)

PLATFORMS
  x86-mingw32

DEPENDENCIES
  erubis
  indent
  jtask
  sinatra
